GIT
  remote: git://github.com/hirakiuc/tinybucket.git
  revision: ba1335956d47b9b0caaf91e90b214408c1a58022
  specs:
    tinybucket (1.3.0)
      activemodel (>= 4.1.6)
      activesupport (>= 4.1.6)
      faraday (~> 0.9)
      faraday-http-cache (~> 1.2)
      faraday_middleware (~> 0.10)
      simple_oauth (~> 0.3)

GIT
  remote: https://github.com/onetwotrip/ruby-git.git
  revision: c4b480a757c3e2f971401acd919788a1ab25eb3f
  specs:
    git (1.2.9.1)

PATH
  remote: .
  specs:
    s3cleanup (0.1.0)

GEM
  remote: https://rubygems.org/
  specs:
    activemodel (5.0.1)
      activesupport (= 5.0.1)
    activesupport (5.0.1)
      concurrent-ruby (~> 1.0, >= 1.0.2)
      i18n (~> 0.7)
      minitest (~> 5.1)
      tzinfo (~> 1.1)
    aws-sdk (2.7.4)
      aws-sdk-resources (= 2.7.4)
    aws-sdk-core (2.7.4)
      aws-sigv4 (~> 1.0)
      jmespath (~> 1.0)
    aws-sdk-resources (2.7.4)
      aws-sdk-core (= 2.7.4)
    aws-sigv4 (1.0.0)
    concurrent-ruby (1.0.4)
    elasticsearch (5.0.4)
      elasticsearch-api (= 5.0.4)
      elasticsearch-transport (= 5.0.4)
    elasticsearch-api (5.0.4)
      multi_json
    elasticsearch-transport (5.0.4)
      faraday
      multi_json
    faraday (0.11.0)
      multipart-post (>= 1.2, < 3)
    faraday-http-cache (1.3.1)
      faraday (~> 0.8)
    faraday_middleware (0.11.0.1)
      faraday (>= 0.7.4, < 1.0)
    i18n (0.8.0)
    jmespath (1.3.1)
    minitest (5.10.1)
    multi_json (1.12.1)
    multipart-post (2.0.0)
    simple_oauth (0.3.1)
    terminal-table (1.6.0)
    thread_safe (0.3.5)
    tzinfo (1.2.2)
      thread_safe (~> 0.1)

PLATFORMS
  ruby

DEPENDENCIES
  aws-sdk
  elasticsearch
  git!
  s3cleanup!
  terminal-table
  tinybucket!

BUNDLED WITH
   1.15.3
